GEM
  remote: http://rubygems.org/
  specs:
    geokit (1.5.0)
    haml (3.0.24)
    rack (1.2.1)
    sinatra (1.1.0)
      rack (~> 1.1)
      tilt (~> 1.1)
    tilt (1.1)

PLATFORMS
  ruby

DEPENDENCIES
  geokit
  haml
  sinatra
